GEM
  remote: https://rubygems.org/
  specs:
    arr-pm (0.0.12)
    backports (3.16.1)
    cabin (0.9.0)
    childprocess (3.0.0)
    clamp (1.0.1)
    dotenv (2.7.5)
    ffi (1.12.2)
    fpm (1.10.2)
      arr-pm (~> 0.0.10)
      backports (>= 2.6.2)
      cabin (>= 0.6.0)
      childprocess
      clamp (~> 1.0.0)
      ffi
      json (>= 1.7.7, < 2.0)
      pleaserun (~> 0.0.29)
      ruby-xz (~> 0.2.3)
      stud
    insist (1.0.0)
    io-like (0.3.1)
    json (1.8.6)
    mustache (0.99.8)
    pleaserun (0.0.30)
      cabin (> 0)
      clamp
      dotenv
      insist
      mustache (= 0.99.8)
      stud
    ruby-xz (0.2.3)
      ffi (~> 1.9)
      io-like (~> 0.3)
    stud (0.0.23)

PLATFORMS
  ruby

DEPENDENCIES
  fpm (~> 1.10.2)

BUNDLED WITH
   1.17.3
