GIT
  remote: https://github.com/GSA-OCSIT/omniauth-myusa.git
  revision: d918fa88b6b8e9d835a38afea9e9efaf015a74e4
  specs:
    omniauth-myusa (0.0.4)
      omniauth (~> 1.0)
      omniauth-oauth2 (~> 1.0)

GIT
  remote: https://github.com/GUI/omniauth-cas.git
  revision: ad88e1ef548430cf68c7a5dd9a9725e304b19f56
  branch: rexml
  specs:
    omniauth-cas (1.1.0)
      addressable (~> 2.3)
      omniauth (~> 1.2.0)

GIT
  remote: https://github.com/GUI/seed-fu.git
  revision: 616758da2962b5870869a35a374ee6c890a7b33b
  branch: mongoid
  specs:
    seed-fu (2.3.4)
      activesupport (>= 3.1, <= 4.2)

GIT
  remote: https://github.com/intridea/omniauth-ldap.git
  revision: 9d36cdb9f3d4da040ab6f7aff54450392b78f5eb
  specs:
    omniauth-ldap (1.0.4)
      net-ldap (~> 0.3)
      omniauth (~> 1.0)
      pyu-ruby-sasl (~> 0.0.3.1)
      rubyntlm (~> 0.3)

GIT
  remote: https://github.com/rickypai/bundler-audit.git
  revision: 1781f4944f2e2f11358a05240091cb29ed70f906
  branch: rpai/ignorefile
  specs:
    bundler-audit (0.4.0)
      bundler (~> 1.2)
      thor (~> 0.18)

GIT
  remote: https://github.com/riking/omniauth-github.git
  revision: 8d1f8b665501dd27bae941ea8e128597b7e8edea
  branch: all_emails
  specs:
    omniauth-github (1.1.2)
      omniauth (~> 1.0)
      omniauth-oauth2 (~> 1.1)

GIT
  remote: https://github.com/zerowidth/lucene_query_parser.git
  revision: ef723c40103203a55f85b3ec02743b17d4d5e773
  specs:
    lucene_query_parser (0.0.2)
      parslet
      rainbow

GEM
  remote: https://rubygems.org/
  remote: https://rails-assets.org/
  specs:
    actionmailer (3.2.22.5)
      actionpack (= 3.2.22.5)
      mail (~> 2.5.4)
    actionpack (3.2.22.5)
      activemodel (= 3.2.22.5)
      activesupport (= 3.2.22.5)
      builder (~> 3.0.0)
      erubis (~> 2.7.0)
      journey (~> 1.0.4)
      rack (~> 1.4.5)
      rack-cache (~> 1.2)
      rack-test (~> 0.6.1)
      sprockets (~> 2.2.1)
    active_model_serializers (0.9.0)
      activemodel (>= 3.2)
    activemodel (3.2.22.5)
      activesupport (= 3.2.22.5)
      builder (~> 3.0.0)
    activerecord (3.2.22.5)
      activemodel (= 3.2.22.5)
      activesupport (= 3.2.22.5)
      arel (~> 3.0.2)
      tzinfo (~> 0.3.29)
    activeresource (3.2.22.5)
      activemodel (= 3.2.22.5)
      activesupport (= 3.2.22.5)
    activesupport (3.2.22.5)
      i18n (~> 0.6, >= 0.6.4)
      multi_json (~> 1.0)
    addressable (2.3.8)
    arel (3.0.3)
    ast (2.0.0)
    astrolabe (1.3.0)
      parser (>= 2.2.0.pre.3, < 3.0)
    awesome_print (1.6.1)
    axiom-types (0.1.1)
      descendants_tracker (~> 0.0.4)
      ice_nine (~> 0.11.0)
      thread_safe (~> 0.3, >= 0.3.1)
    barber (0.9.0)
      ember-source (>= 1.0, < 2)
      execjs (>= 1.2, < 3)
    bcrypt (3.1.10)
    blankslate (3.1.3)
    bootstrap-sass (2.3.2.2)
      sass (~> 3.2)
    brakeman (3.4.1)
    builder (3.0.4)
    capistrano (3.3.5)
      capistrano-stats (~> 1.1.0)
      i18n
      rake (>= 10.0.0)
      sshkit (~> 1.3)
    capistrano-bundler (1.1.4)
      capistrano (~> 3.1)
      sshkit (~> 1.2)
    capistrano-rails (1.1.2)
      capistrano (~> 3.1)
      capistrano-bundler (~> 1.1)
    capistrano-stats (1.1.1)
    capybara (2.10.2)
      addressable
      mime-types (>= 1.16)
      nokogiri (>= 1.3.3)
      rack (>= 1.0.0)
      rack-test (>= 0.5.4)
      xpath (~> 2.0)
    capybara-screenshot (1.0.14)
      capybara (>= 1.0, < 3)
      launchy
    childprocess (0.5.9)
      ffi (~> 1.0, >= 1.0.11)
    chunky_png (1.3.4)
    cliver (0.3.2)
    coercible (1.0.0)
      descendants_tracker (~> 0.0.1)
    colorize (0.7.5)
    compass (0.12.7)
      chunky_png (~> 1.2)
      fssm (>= 0.2.7)
      sass (~> 3.2.19)
    compass-rails (1.1.7)
      compass (>= 0.12.2)
      sprockets (<= 2.11.0)
    countries (0.11.3)
      currencies (~> 0.4.2)
      i18n_data (~> 0.6.0)
    crack (0.4.2)
      safe_yaml (~> 1.0.0)
    css_parser (1.3.6)
      addressable
    csv_builder (2.1.1)
      actionpack (>= 3.0.0)
    currencies (0.4.2)
    daemons (1.2.2)
    database_cleaner (1.5.3)
    delayed_job (4.0.6)
      activesupport (>= 3.0, < 5.0)
    delayed_job_mongoid (2.1.0)
      delayed_job (>= 3.0, < 5)
      mongoid (>= 3.0, < 5)
    descendants_tracker (0.0.4)
      thread_safe (~> 0.3, >= 0.3.1)
    devise (3.4.1)
      bcrypt (~> 3.0)
      orm_adapter (~> 0.1)
      railties (>= 3.2.6, < 5)
      responders
      thread_safe (~> 0.1)
      warden (~> 1.2.3)
    diff-lcs (1.2.5)
    diffy (3.0.7)
    dotenv (1.0.2)
    dotenv-rails (1.0.2)
      dotenv (= 1.0.2)
    elasticsearch (1.0.14)
      elasticsearch-api (= 1.0.14)
      elasticsearch-transport (= 1.0.14)
    elasticsearch-api (1.0.14)
      multi_json
    elasticsearch-model (0.1.7)
      activesupport (> 3)
      elasticsearch (> 0.4)
      hashie
    elasticsearch-persistence (0.1.7)
      activemodel (> 3)
      activesupport (> 3)
      elasticsearch (> 0.4)
      elasticsearch-model (>= 0.1)
      hashie
      virtus
    elasticsearch-transport (1.0.14)
      faraday
      multi_json
    ember-data-source (1.0.0.beta.14)
      ember-source
    ember-rails (0.15.1)
      active_model_serializers
      barber (>= 0.4.1)
      ember-data-source (>= 1.0.0.beta.5)
      ember-source (>= 1.1.0)
      execjs (>= 1.2)
      handlebars-source (> 1.0.0)
      jquery-rails (>= 1.0.17)
      railties (>= 3.1)
    ember-source (1.7.1)
      handlebars-source (~> 1.0)
    equalizer (0.0.11)
    erubis (2.7.0)
    execjs (2.6.0)
    factory_girl (4.5.0)
      activesupport (>= 3.0.0)
    factory_girl_rails (4.5.0)
      factory_girl (~> 4.5.0)
      railties (>= 3.0.0)
    faraday (0.9.2)
      multipart-post (>= 1.2, < 3)
    ffi (1.9.10)
    fssm (0.2.10)
    fuubar (1.3.3)
      rspec (>= 2.14.0, < 3.1.0)
      ruby-progressbar (~> 1.4)
    handlebars-source (1.3.0)
    hashie (3.4.3)
    hike (1.2.3)
    htmlentities (4.3.3)
    http_accept_language (2.0.5)
    i18n (0.7.0)
    i18n_data (0.6.3)
    ice_nine (0.11.1)
    jbuilder (2.2.13)
      activesupport (>= 3.0.0, < 5)
      multi_json (~> 1.2)
    journey (1.0.4)
    jquery-rails (3.1.4)
      railties (>= 3.0, < 5.0)
      thor (>= 0.14, < 2.0)
    jshintrb (0.3.0)
      execjs
      multi_json (>= 1.3)
      rake
    json (1.8.3)
    jwt (1.5.1)
    kaminari (0.16.3)
      actionpack (>= 3.0.0)
      activesupport (>= 3.0.0)
    kaminari-bootstrap (0.1.3)
      kaminari (>= 0.13.0)
      rails
    kramdown (1.6.0)
    launchy (2.4.3)
      addressable (~> 2.3)
    libv8 (3.16.14.13)
    mail (2.5.4)
      mime-types (~> 1.16)
      treetop (~> 1.4.8)
    mime-types (1.25.1)
    mini_portile2 (2.1.0)
    mongoid (3.1.7)
      activemodel (~> 3.2)
      moped (~> 1.4)
      origin (~> 1.0)
      tzinfo (~> 0.3.29)
    mongoid-embedded-errors (2.0.1)
      mongoid (>= 3.0.0)
    mongoid-store (0.4.4)
      activesupport (~> 3.2)
      mongoid (~> 3.0)
    mongoid_delorean (1.3.0)
      mongoid
    mongoid_rails_migrations (1.0.1)
      activesupport (>= 3.2.0)
      bundler (>= 1.0.0)
      rails (>= 3.2.0)
      railties (>= 3.2.0)
    mongoid_userstamp (0.3.2)
      mongoid (>= 3.0.4)
    moped (1.5.3)
    multi_json (1.11.3)
    multi_xml (0.5.5)
    multipart-post (2.0.0)
    net-ldap (0.13.0)
    net-scp (1.2.1)
      net-ssh (>= 2.6.5)
    net-ssh (2.9.2)
    nokogiri (1.6.8.1)
      mini_portile2 (~> 2.1.0)
    oauth (0.4.7)
    oauth2 (1.0.0)
      faraday (>= 0.8, < 0.10)
      jwt (~> 1.0)
      multi_json (~> 1.3)
      multi_xml (~> 0.5)
      rack (~> 1.2)
    oj (2.13.0)
    oj_mimic_json (1.0.1)
    omniauth (1.2.2)
      hashie (>= 1.2, < 4)
      rack (~> 1.0)
    omniauth-facebook (2.0.1)
      omniauth-oauth2 (~> 1.2)
    omniauth-google-oauth2 (0.2.6)
      omniauth (> 1.0)
      omniauth-oauth2 (~> 1.1)
    omniauth-oauth (1.0.1)
      oauth
      omniauth (~> 1.0)
    omniauth-oauth2 (1.3.1)
      oauth2 (~> 1.0)
      omniauth (~> 1.2)
    omniauth-persona (0.0.1)
      faraday
      multi_json
      omniauth (~> 1.0)
    omniauth-twitter (1.0.1)
      multi_json (~> 1.3)
      omniauth-oauth (~> 1.0)
    origin (1.1.0)
    orm_adapter (0.5.0)
    parser (2.2.0.3)
      ast (>= 1.1, < 3.0)
    parslet (1.7.1)
      blankslate (>= 2.0, <= 4.0)
    poltergeist (1.6.0)
      capybara (~> 2.1)
      cliver (~> 0.3.1)
      multi_json (~> 1.0)
      websocket-driver (>= 0.2.0)
    polyglot (0.3.5)
    power_assert (0.2.4)
    powerpack (0.0.9)
    premailer (1.8.4)
      css_parser (>= 1.3.6)
      htmlentities (>= 4.0.0)
    premailer-rails (1.8.0)
      actionmailer (>= 3, < 5)
      premailer (~> 1.7, >= 1.7.9)
    psych (2.0.13)
    puma (2.11.3)
      rack (>= 1.1, < 2.0)
    pundit (1.1.0)
      activesupport (>= 3.0.0)
    pyu-ruby-sasl (0.0.3.3)
    rabl (0.11.6)
      activesupport (>= 2.3.14)
    rack (1.4.7)
    rack-cache (1.6.1)
      rack (>= 0.4)
    rack-proxy (0.5.17)
      rack
    rack-ssl (1.3.4)
      rack
    rack-test (0.6.3)
      rack (>= 1.0)
    rack-timeout (0.0.4)
    rails (3.2.22.5)
      actionmailer (= 3.2.22.5)
      actionpack (= 3.2.22.5)
      activerecord (= 3.2.22.5)
      activeresource (= 3.2.22.5)
      activesupport (= 3.2.22.5)
      bundler (~> 1.0)
      railties (= 3.2.22.5)
    rails-assets-ace-builds (1.1.9)
    rails-assets-bootbox (3.3.0)
    rails-assets-bootstrap-daterangepicker (1.3.17)
      rails-assets-jquery (>= 1.10)
      rails-assets-moment (~> 2.8.0)
    rails-assets-datatables (1.10.6)
      rails-assets-jquery (>= 1.7.0)
    rails-assets-ember (1.7.1)
      rails-assets-handlebars (>= 1.0.0, < 2.0.0)
      rails-assets-jquery (>= 1.7.0, < 2.2.0)
    rails-assets-eventEmitter (4.2.11)
    rails-assets-eventie (1.0.6)
    rails-assets-font-awesome (4.2.0)
    rails-assets-handlebars (1.3.0)
    rails-assets-html5shiv (3.7.2)
    rails-assets-ic-ajax (2.0.2)
      rails-assets-ember (>= 1.2, < 2)
    rails-assets-imagesloaded (3.1.8)
      rails-assets-eventEmitter (~> 4.0)
      rails-assets-eventie (>= 1.0.4, < 2)
    rails-assets-inflection (1.4.2)
    rails-assets-jquery (1.11.2)
    rails-assets-jquery-bbq-deparam (1.2.1)
    rails-assets-jquery-simulate-ext (1.3.0)
      rails-assets-jquery (>= 1.7.0)
    rails-assets-jquery.scrollTo (1.4.14)
      rails-assets-jquery (>= 1.4)
    rails-assets-jsdiff (1.0.8)
    rails-assets-jstz-detect (1.0.5)
    rails-assets-lodash (2.4.1)
    rails-assets-marked (0.3.3)
    rails-assets-microplugin (0.0.3)
    rails-assets-moment (2.8.4)
    rails-assets-numeral (1.5.3)
    rails-assets-pnotify (2.0.1)
    rails-assets-polyglot (0.4.2)
    rails-assets-qtip2 (2.2.1)
      rails-assets-imagesloaded (>= 3.0.0)
      rails-assets-jquery (>= 1.6.0)
    rails-assets-selectize (0.11.2)
      rails-assets-jquery (>= 1.7.0)
      rails-assets-microplugin (~> 0.0.0)
      rails-assets-sifter (~> 0.3.0)
    rails-assets-sifter (0.3.4)
    rails-assets-spinjs (2.0.2)
    rails_stdout_logging (0.0.3)
    railties (3.2.22.5)
      actionpack (= 3.2.22.5)
      activesupport (= 3.2.22.5)
      rack-ssl (~> 1.3.2)
      rake (>= 0.8.7)
      rdoc (~> 3.4)
      thor (>= 0.14.6, < 2.0)
    rainbow (2.0.0)
    rake (11.3.0)
    rdoc (3.12.2)
      json (~> 1.4)
    ref (2.0.0)
    responders (1.1.2)
      railties (>= 3.2, < 4.2)
    rollbar (2.10.0)
      multi_json
    rspec (2.99.0)
      rspec-core (~> 2.99.0)
      rspec-expectations (~> 2.99.0)
      rspec-mocks (~> 2.99.0)
    rspec-collection_matchers (1.1.2)
      rspec-expectations (>= 2.99.0.beta1)
    rspec-core (2.99.2)
    rspec-expectations (2.99.2)
      diff-lcs (>= 1.1.3, < 2.0)
    rspec-html-matchers (0.5.0)
      nokogiri (~> 1)
      rspec (~> 2, >= 2.11.0)
    rspec-mocks (2.99.4)
    rspec-rails (2.99.0)
      actionpack (>= 3.0)
      activemodel (>= 3.0)
      activesupport (>= 3.0)
      railties (>= 3.0)
      rspec-collection_matchers
      rspec-core (~> 2.99.0)
      rspec-expectations (~> 2.99.0)
      rspec-mocks (~> 2.99.0)
    rspec_junit_formatter (0.2.3)
      builder (< 4)
      rspec-core (>= 2, < 4, != 2.12.0)
    rubocop (0.27.1)
      astrolabe (~> 1.3)
      parser (>= 2.2.0.pre.7, < 3.0)
      powerpack (~> 0.0.6)
      rainbow (>= 1.99.1, < 3.0)
      ruby-progressbar (~> 1.4)
    ruby-progressbar (1.7.5)
    rubyntlm (0.5.2)
    safe_yaml (1.0.4)
    sass (3.2.19)
    sass-rails (3.2.6)
      railties (~> 3.2.0)
      sass (>= 3.1.10)
      tilt (~> 1.3)
    sequel (4.31.0)
    sprockets (2.2.3)
      hike (~> 1.2)
      multi_json (~> 1.0)
      rack (~> 1.0)
      tilt (~> 1.1, != 1.3.0)
    sprockets-urlrewriter (0.1.2)
      sprockets
    sshkit (1.7.1)
      colorize (>= 0.7.0)
      net-scp (>= 1.1.2)
      net-ssh (>= 2.8.0)
    tabs_on_rails (2.2.0)
    test-unit (3.1.3)
      power_assert
    therubyracer (0.12.2)
      libv8 (~> 3.16.14.0)
      ref
    thor (0.19.4)
    thread_safe (0.3.5)
    tilt (1.4.1)
    treetop (1.4.15)
      polyglot
      polyglot (>= 0.3.1)
    turbo-sprockets-rails3 (0.3.13)
      railties (> 3.2.8, < 4.0.0)
      sprockets (>= 2.2.0)
    tzinfo (0.3.52)
    uglifier (2.7.2)
      execjs (>= 0.3.0)
      json (>= 1.8.0)
    uuidtools (2.1.5)
    vcr (2.9.3)
    virtus (1.0.5)
      axiom-types (~> 0.1)
      coercible (~> 1.0)
      descendants_tracker (~> 0.0, >= 0.0.3)
      equalizer (~> 0.0, >= 0.0.9)
    warden (1.2.3)
      rack (>= 1.0)
    webmock (1.21.0)
      addressable (>= 2.3.6)
      crack (>= 0.3.2)
    websocket-driver (0.5.4)
      websocket-extensions (>= 0.1.0)
    websocket-extensions (0.1.2)
    xpath (2.0.0)
      nokogiri (~> 1.3)

PLATFORMS
  ruby

DEPENDENCIES
  active_model_serializers (= 0.9.0)
  addressable (~> 2.3.8)
  awesome_print (~> 1.6.1)
  bootstrap-sass (~> 2.3.2.2)
  brakeman
  bundler-audit!
  capistrano (~> 3.3.5)
  capistrano-rails (~> 1.1.2)
  capybara (~> 2.5)
  capybara-screenshot (~> 1.0)
  childprocess (~> 0.5.9)
  compass-rails (~> 1.1.7)
  countries (~> 0.11.3)
  csv_builder (~> 2.1.1)
  daemons (~> 1.2.2)
  database_cleaner (~> 1.4)
  delayed_job_mongoid (~> 2.1.0)
  devise (~> 3.4.0)
  diffy (~> 3.0.7)
  dotenv-rails (~> 1.0.2)
  elasticsearch (~> 1.0.14)
  elasticsearch-persistence (~> 0.1.7)
  ember-rails (~> 0.15.0)
  ember-source (~> 1.7.1)
  factory_girl_rails (~> 4.5.0)
  fuubar (~> 1.3.3)
  http_accept_language (~> 2.0.5)
  jbuilder (~> 2.2.2)
  jquery-rails (~> 3.1.4)
  jshintrb (~> 0.3.0)
  kaminari (~> 0.16.1)
  kaminari-bootstrap (~> 0.1.3)
  kramdown (~> 1.6.0)
  lucene_query_parser!
  mail (~> 2.5.4)
  mongoid (~> 3.1.6)
  mongoid-embedded-errors (~> 2.0.1)
  mongoid-store (~> 0.4.4)
  mongoid_delorean (~> 1.3.0)
  mongoid_rails_migrations (~> 1.0.1)
  mongoid_userstamp (~> 0.3.2)
  multi_json (~> 1.11.0)
  nokogiri (~> 1.6.8)
  oj (~> 2.13.0)
  oj_mimic_json (~> 1.0.1)
  omniauth (~> 1.2.1)
  omniauth-cas (~> 1.1.0)!
  omniauth-facebook (~> 2.0.0)
  omniauth-github!
  omniauth-google-oauth2 (~> 0.2.2)
  omniauth-ldap (~> 1.0.4)!
  omniauth-myusa!
  omniauth-persona (~> 0.0.1)
  omniauth-twitter (~> 1.0.1)
  poltergeist (~> 1.6.0)
  premailer-rails (~> 1.8.0)
  psych (~> 2.0.13)
  puma (~> 2.11.3)
  pundit (~> 1.1.0)
  rabl (~> 0.11.5)
  rack-proxy (~> 0.5.17)
  rack-timeout (~> 0.0.4)
  rails (~> 3.2.22.2)
  rails-assets-ace-builds (~> 1.1.7)!
  rails-assets-bootbox (~> 3.3.0)!
  rails-assets-bootstrap-daterangepicker (~> 1.3.12)!
  rails-assets-datatables (~> 1.10.2)!
  rails-assets-ember (~> 1.7.1)!
  rails-assets-font-awesome (~> 4.2.0)!
  rails-assets-html5shiv (~> 3.7.0)!
  rails-assets-ic-ajax (~> 2.0.1)!
  rails-assets-inflection (~> 1.4.0)!
  rails-assets-jquery (~> 1.11.2)!
  rails-assets-jquery-bbq-deparam (~> 1.2.1)!
  rails-assets-jquery-simulate-ext (~> 1.3.0)!
  rails-assets-jquery.scrollTo (~> 1.4.14)!
  rails-assets-jsdiff (~> 1.0.8)!
  rails-assets-jstz-detect (~> 1.0.5)!
  rails-assets-lodash (~> 2.4.1)!
  rails-assets-marked (~> 0.3.2)!
  rails-assets-moment (~> 2.8.2)!
  rails-assets-numeral (~> 1.5.3)!
  rails-assets-pnotify (~> 2.0.1)!
  rails-assets-polyglot (~> 0.4.1)!
  rails-assets-qtip2 (~> 2.2.0)!
  rails-assets-selectize (~> 0.11.2)!
  rails-assets-spinjs (~> 2.0.0)!
  rails_stdout_logging (~> 0.0.3)
  rollbar (~> 2.10.0)
  rspec-html-matchers (~> 0.5)
  rspec-rails (~> 2.99.0)
  rspec_junit_formatter (~> 0.2.3)
  rubocop (~> 0.27.1)
  safe_yaml (~> 1.0.4)
  sass (~> 3.2.19)
  sass-rails (~> 3.2.6)
  seed-fu!
  sequel (~> 4.31.0)
  sprockets-urlrewriter (~> 0.1.2)
  tabs_on_rails (~> 2.2.0)
  test-unit
  therubyracer (~> 0.12.2)
  turbo-sprockets-rails3 (= 0.3.13)
  uglifier (~> 2.7.1)
  uuidtools (~> 2.1.4)
  vcr (~> 2.9.3)
  webmock (~> 1.21.0)

BUNDLED WITH
   1.13.2
