GIT
  remote: https://github.com/GUI/mongoid_store.git
  revision: 17053a38482c6ab41f4457a96a488041cd6c8c3c
  specs:
    mongoid_store (0.1.2)
      activesupport (> 3.0)
      mongoid (> 3.0)

GIT
  remote: https://github.com/GUI/omniauth-cas.git
  revision: 45b3634c7943fa0e0eec08360e96486576be1100
  branch: rexml
  specs:
    omniauth-cas (1.1.0)
      addressable (~> 2.3)
      omniauth (~> 1.2)

GIT
  remote: https://github.com/heroku/rails_stdout_logging.git
  revision: b21ed3a29748d2fe62ef1f4fe6bda34294a42dc9
  specs:
    rails_stdout_logging (0.0.5)

GIT
  remote: https://github.com/zerowidth/lucene_query_parser.git
  revision: ef723c40103203a55f85b3ec02743b17d4d5e773
  specs:
    lucene_query_parser (0.0.2)
      parslet
      rainbow

GEM
  remote: https://rubygems.org/
  specs:
    actionmailer (4.2.10)
      actionpack (= 4.2.10)
      actionview (= 4.2.10)
      activejob (= 4.2.10)
      mail (~> 2.5, >= 2.5.4)
      rails-dom-testing (~> 1.0, >= 1.0.5)
    actionpack (4.2.10)
      actionview (= 4.2.10)
      activesupport (= 4.2.10)
      rack (~> 1.6)
      rack-test (~> 0.6.2)
      rails-dom-testing (~> 1.0, >= 1.0.5)
      rails-html-sanitizer (~> 1.0, >= 1.0.2)
    actionview (4.2.10)
      activesupport (= 4.2.10)
      builder (~> 3.1)
      erubis (~> 2.7.0)
      rails-dom-testing (~> 1.0, >= 1.0.5)
      rails-html-sanitizer (~> 1.0, >= 1.0.3)
    active_attr (0.10.3)
      activemodel (>= 3.0.2, < 6.0)
      activesupport (>= 3.0.2, < 6.0)
    activejob (4.2.10)
      activesupport (= 4.2.10)
      globalid (>= 0.3.0)
    activemodel (4.2.10)
      activesupport (= 4.2.10)
      builder (~> 3.1)
    activerecord (4.2.10)
      activemodel (= 4.2.10)
      activesupport (= 4.2.10)
      arel (~> 6.0)
    activesupport (4.2.10)
      i18n (~> 0.7)
      minitest (~> 5.1)
      thread_safe (~> 0.3, >= 0.3.4)
      tzinfo (~> 1.1)
    addressable (2.5.2)
      public_suffix (>= 2.0.2, < 4.0)
    arel (6.0.4)
    autoprefixer-rails (8.1.0)
      execjs
    awesome_print (1.8.0)
    bcrypt (3.1.11)
    bootstrap-sass (3.3.7)
      autoprefixer-rails (>= 5.2.1)
      sass (>= 3.3.4)
    brakeman (4.2.0)
    bson (4.3.0)
    builder (3.2.3)
    bundler-audit (0.6.0)
      bundler (~> 1.2)
      thor (~> 0.18)
    concurrent-ruby (1.0.5)
    countries (2.1.4)
      i18n_data (~> 0.8.0)
      money (~> 6.9)
      sixarm_ruby_unaccent (~> 1.1)
      unicode_utils (~> 1.4)
    crass (1.0.3)
    css_parser (1.6.0)
      addressable
    csv_builder (2.1.1)
      actionpack (>= 3.0.0)
    daemons (1.2.6)
    delayed_job (4.1.4)
      activesupport (>= 3.0, < 5.2)
    delayed_job_mongoid (2.3.0)
      delayed_job (>= 3.0, < 5)
      mongoid (>= 3.0, < 7)
      mongoid-compatibility (>= 0.4.0)
    devise (4.4.1)
      bcrypt (~> 3.0)
      orm_adapter (~> 0.1)
      railties (>= 4.1.0, < 5.2)
      responders
      warden (~> 1.2.3)
    devise-i18n (1.6.0)
      devise (>= 4.4)
    elasticsearch (2.0.2)
      elasticsearch-api (= 2.0.2)
      elasticsearch-transport (= 2.0.2)
    elasticsearch-api (2.0.2)
      multi_json
    elasticsearch-transport (2.0.2)
      faraday
      multi_json
    erubis (2.7.0)
    execjs (2.7.0)
    faraday (0.12.2)
      multipart-post (>= 1.2, < 3)
    ffi (1.9.23)
    font-awesome-rails (4.7.0.3)
      railties (>= 3.2, < 5.2)
    globalid (0.4.1)
      activesupport (>= 4.2.0)
    hashie (3.5.7)
    htmlentities (4.3.4)
    http_accept_language (2.1.1)
    i18n (0.9.5)
      concurrent-ruby (~> 1.0)
    i18n-js (3.0.5)
      i18n (>= 0.6.6, < 2)
    i18n_data (0.8.0)
    jbuilder (2.7.0)
      activesupport (>= 4.2.0)
      multi_json (>= 1.2)
    jwt (1.5.6)
    kramdown (1.16.2)
    loofah (2.2.0)
      crass (~> 1.0.2)
      nokogiri (>= 1.5.9)
    mail (2.7.0)
      mini_mime (>= 0.1.1)
    mini_mime (1.0.0)
    mini_portile2 (2.3.0)
    minitest (5.11.3)
    money (6.10.1)
      i18n (>= 0.6.4, < 1.0)
    mongo (2.5.1)
      bson (>= 4.3.0, < 5.0.0)
    mongoid (5.2.1)
      activemodel (~> 4.0)
      mongo (>= 2.4.1, < 3.0.0)
      origin (~> 2.3)
      tzinfo (>= 0.3.37)
    mongoid-compatibility (0.5.1)
      activesupport
      mongoid (>= 2.0)
    mongoid-embedded-errors (2.1.1)
      mongoid (>= 3.0)
    mongoid-paranoia (2.0.0)
      activesupport (~> 4.0)
      mongoid (>= 4.0.0, <= 6.0.0)
    mongoid_delorean (1.3.0)
      mongoid
    mongoid_rails_migrations (1.1.0)
      activesupport (>= 4.2.0)
      bundler (>= 1.0.0)
      mongoid (>= 4.0.0)
      rails (>= 4.2.0)
      railties (>= 4.2.0)
    multi_json (1.13.1)
    multi_xml (0.6.0)
    multipart-post (2.0.0)
    net-ldap (0.16.1)
    nokogiri (1.8.2)
      mini_portile2 (~> 2.3.0)
    oauth2 (1.4.0)
      faraday (>= 0.8, < 0.13)
      jwt (~> 1.0)
      multi_json (~> 1.3)
      multi_xml (~> 0.5)
      rack (>= 1.2, < 3)
    oj (3.4.0)
    omniauth (1.8.1)
      hashie (>= 3.4.6, < 3.6.0)
      rack (>= 1.6.2, < 3)
    omniauth-facebook (4.0.0)
      omniauth-oauth2 (~> 1.2)
    omniauth-github (1.3.0)
      omniauth (~> 1.5)
      omniauth-oauth2 (>= 1.4.0, < 2.0)
    omniauth-gitlab (1.0.3)
      omniauth (~> 1.0)
      omniauth-oauth2 (~> 1.0)
    omniauth-google-oauth2 (0.5.3)
      jwt (>= 1.5)
      omniauth (>= 1.1.1)
      omniauth-oauth2 (>= 1.5)
    omniauth-ldap (2.0.0)
      net-ldap (~> 0.16)
      omniauth (~> 1.8.1)
      pyu-ruby-sasl (~> 0.0.3.3)
      rubyntlm (~> 0.6.2)
    omniauth-oauth2 (1.5.0)
      oauth2 (~> 1.1)
      omniauth (~> 1.2)
    origin (2.3.1)
    orm_adapter (0.5.0)
    parslet (1.8.2)
    premailer (1.11.1)
      addressable
      css_parser (>= 1.6.0)
      htmlentities (>= 4.0.0)
    premailer-rails (1.10.1)
      actionmailer (>= 3, < 6)
      premailer (~> 1.7, >= 1.7.9)
    public_suffix (3.0.2)
    puma (3.11.2)
    pundit (1.1.0)
      activesupport (>= 3.0.0)
    pyu-ruby-sasl (0.0.3.3)
    rabl (0.13.1)
      activesupport (>= 2.3.14)
    rack (1.6.9)
    rack-proxy (0.6.3)
      rack
    rack-test (0.6.3)
      rack (>= 1.0)
    rack-timeout (0.4.2)
    rails (4.2.10)
      actionmailer (= 4.2.10)
      actionpack (= 4.2.10)
      actionview (= 4.2.10)
      activejob (= 4.2.10)
      activemodel (= 4.2.10)
      activerecord (= 4.2.10)
      activesupport (= 4.2.10)
      bundler (>= 1.3.0, < 2.0)
      railties (= 4.2.10)
      sprockets-rails
    rails-deprecated_sanitizer (1.0.3)
      activesupport (>= 4.2.0.alpha)
    rails-dom-testing (1.0.9)
      activesupport (>= 4.2.0, < 5.0)
      nokogiri (~> 1.6)
      rails-deprecated_sanitizer (>= 1.0.1)
    rails-html-sanitizer (1.0.3)
      loofah (~> 2.0)
    railties (4.2.10)
      actionpack (= 4.2.10)
      activesupport (= 4.2.10)
      rake (>= 0.8.7)
      thor (>= 0.18.1, < 2.0)
    rainbow (3.0.0)
    rake (12.3.0)
    rb-fsevent (0.10.3)
    rb-inotify (0.9.10)
      ffi (>= 0.5.0, < 2)
    request_store (1.4.0)
      rack (>= 1.4)
    responders (2.4.0)
      actionpack (>= 4.2.0, < 5.3)
      railties (>= 4.2.0, < 5.3)
    rollbar (2.15.5)
      multi_json
    rubyntlm (0.6.2)
    safe_yaml (1.0.4)
    sass (3.5.5)
      sass-listen (~> 4.0.0)
    sass-listen (4.0.0)
      rb-fsevent (~> 0.9, >= 0.9.4)
      rb-inotify (~> 0.9, >= 0.9.7)
    sass-rails (5.0.7)
      railties (>= 4.0.0, < 6)
      sass (~> 3.1)
      sprockets (>= 2.8, < 4.0)
      sprockets-rails (>= 2.0, < 4.0)
      tilt (>= 1.1, < 3)
    sequel (5.6.0)
    simple_form (3.5.1)
      actionpack (> 4, < 5.2)
      activemodel (> 4, < 5.2)
    sixarm_ruby_unaccent (1.2.0)
    sprockets (3.7.1)
      concurrent-ruby (~> 1.0)
      rack (> 1, < 3)
    sprockets-rails (3.2.1)
      actionpack (>= 4.0)
      activesupport (>= 4.0)
      sprockets (>= 3.0.0)
    thor (0.20.0)
    thread_safe (0.3.6)
    tilt (2.0.8)
    tzinfo (1.2.5)
      thread_safe (~> 0.1)
    unicode_utils (1.4.0)
    warden (1.2.7)
      rack (>= 1.0)

PLATFORMS
  ruby

DEPENDENCIES
  active_attr (~> 0.10.3)
  awesome_print (~> 1.8.0)
  bootstrap-sass (~> 3.3.7)
  brakeman
  bundler-audit
  countries (~> 2.1.4)
  csv_builder (~> 2.1.1)
  daemons (~> 1.2.6)
  delayed_job_mongoid (~> 2.3.0)
  devise (~> 4.4.1)
  devise-i18n (~> 1.6.0)
  elasticsearch (~> 2.0.2)
  font-awesome-rails (~> 4.7.0)
  http_accept_language (~> 2.1.1)
  i18n-js (~> 3.0.5)
  jbuilder (~> 2.7.0)
  kramdown (~> 1.16.2)
  lucene_query_parser!
  mongoid (~> 5.2.0)
  mongoid-embedded-errors (~> 2.1.1)
  mongoid-paranoia (~> 2.0.0)
  mongoid_delorean (~> 1.3.0)
  mongoid_rails_migrations (~> 1.1.0)
  mongoid_store!
  multi_json (~> 1.13.1)
  nokogiri (~> 1.8.1)
  oj (~> 3.4.0)
  omniauth (~> 1.8.1)
  omniauth-cas (~> 1.1.0)!
  omniauth-facebook (~> 4.0.0)
  omniauth-github (~> 1.3.0)
  omniauth-gitlab (~> 1.0.3)
  omniauth-google-oauth2 (~> 0.5.3)
  omniauth-ldap (~> 2.0.0)
  premailer-rails (~> 1.10.1)
  puma (~> 3.11.2)
  pundit (~> 1.1.0)
  rabl (~> 0.13.1)
  rack-proxy (~> 0.6.3)
  rack-timeout (~> 0.4.2)
  rails (~> 4.2.10)
  rails_stdout_logging!
  request_store (~> 1.4.0)
  rollbar (~> 2.15.5)
  safe_yaml (~> 1.0.4)
  sass-rails (~> 5.0)
  sequel (~> 5.6.0)
  simple_form (~> 3.5.1)

BUNDLED WITH
   1.16.1
