GIT
  remote: https://github.com/GUI/mongoid_store.git
  revision: 17053a38482c6ab41f4457a96a488041cd6c8c3c
  specs:
    mongoid_store (0.1.2)
      activesupport (> 3.0)
      mongoid (> 3.0)

GIT
  remote: https://github.com/GUI/omniauth-cas.git
  revision: 45b3634c7943fa0e0eec08360e96486576be1100
  branch: rexml
  specs:
    omniauth-cas (1.1.0)
      addressable (~> 2.3)
      omniauth (~> 1.2)

GIT
  remote: https://github.com/heroku/rails_stdout_logging.git
  revision: f4f919833c034d02423e8923c7d8d4e3ab5eec61
  specs:
    rails_stdout_logging (0.0.5)

GIT
  remote: https://github.com/zerowidth/lucene_query_parser.git
  revision: ef723c40103203a55f85b3ec02743b17d4d5e773
  specs:
    lucene_query_parser (0.0.2)
      parslet
      rainbow

GEM
  remote: https://rubygems.org/
  specs:
    actionmailer (4.2.11.3)
      actionpack (= 4.2.11.3)
      actionview (= 4.2.11.3)
      activejob (= 4.2.11.3)
      mail (~> 2.5, >= 2.5.4)
      rails-dom-testing (~> 1.0, >= 1.0.5)
    actionpack (4.2.11.3)
      actionview (= 4.2.11.3)
      activesupport (= 4.2.11.3)
      rack (~> 1.6)
      rack-test (~> 0.6.2)
      rails-dom-testing (~> 1.0, >= 1.0.5)
      rails-html-sanitizer (~> 1.0, >= 1.0.2)
    actionview (4.2.11.3)
      activesupport (= 4.2.11.3)
      builder (~> 3.1)
      erubis (~> 2.7.0)
      rails-dom-testing (~> 1.0, >= 1.0.5)
      rails-html-sanitizer (~> 1.0, >= 1.0.3)
    active_attr (0.15.3)
      actionpack (>= 3.0.2, < 7.0)
      activemodel (>= 3.0.2, < 7.0)
      activesupport (>= 3.0.2, < 7.0)
    activejob (4.2.11.3)
      activesupport (= 4.2.11.3)
      globalid (>= 0.3.0)
    activemodel (4.2.11.3)
      activesupport (= 4.2.11.3)
      builder (~> 3.1)
    activerecord (4.2.11.3)
      activemodel (= 4.2.11.3)
      activesupport (= 4.2.11.3)
      arel (~> 6.0)
    activesupport (4.2.11.3)
      i18n (~> 0.7)
      minitest (~> 5.1)
      thread_safe (~> 0.3, >= 0.3.4)
      tzinfo (~> 1.1)
    addressable (2.8.0)
      public_suffix (>= 2.0.2, < 5.0)
    arel (6.0.4)
    autoprefixer-rails (10.3.3.0)
      execjs (~> 2)
    awesome_print (1.9.2)
    bcrypt (3.1.16)
    bootstrap (4.5.3)
      autoprefixer-rails (>= 9.1.0)
      popper_js (>= 1.14.3, < 2)
      sassc-rails (>= 2.0.0)
    brakeman (5.1.1)
    bson (4.12.1)
    builder (3.2.4)
    bundler-audit (0.9.0.1)
      bundler (>= 1.2.0, < 3)
      thor (~> 1.0)
    concurrent-ruby (1.1.9)
    countries (3.1.0)
      i18n_data (~> 0.11.0)
      sixarm_ruby_unaccent (~> 1.1)
      unicode_utils (~> 1.4)
    crass (1.0.6)
    css_parser (1.10.0)
      addressable
    csv_builder (2.1.3)
      actionpack (>= 3.0.0)
    daemons (1.4.1)
    delayed_job (4.1.9)
      activesupport (>= 3.0, < 6.2)
    delayed_job_mongoid (2.3.1)
      delayed_job (>= 3.0, < 5)
      mongoid (>= 3.0, < 8)
      mongoid-compatibility (>= 0.4.0)
    devise (4.8.0)
      bcrypt (~> 3.0)
      orm_adapter (~> 0.1)
      railties (>= 4.1.0)
      responders
      warden (~> 1.2.3)
    devise-i18n (1.10.0)
      devise (>= 4.8.0)
    elasticsearch (7.13.3)
      elasticsearch-api (= 7.13.3)
      elasticsearch-transport (= 7.13.3)
    elasticsearch-api (7.13.3)
      multi_json
    elasticsearch-transport (7.13.3)
      faraday (~> 1)
      multi_json
    erubis (2.7.0)
    execjs (2.8.1)
    faraday (1.8.0)
      faraday-em_http (~> 1.0)
      faraday-em_synchrony (~> 1.0)
      faraday-excon (~> 1.1)
      faraday-httpclient (~> 1.0.1)
      faraday-net_http (~> 1.0)
      faraday-net_http_persistent (~> 1.1)
      faraday-patron (~> 1.0)
      faraday-rack (~> 1.0)
      multipart-post (>= 1.2, < 3)
      ruby2_keywords (>= 0.0.4)
    faraday-em_http (1.0.0)
    faraday-em_synchrony (1.0.0)
    faraday-excon (1.1.0)
    faraday-httpclient (1.0.1)
    faraday-net_http (1.0.1)
    faraday-net_http_persistent (1.2.0)
    faraday-patron (1.0.0)
    faraday-rack (1.0.0)
    ffi (1.15.4)
    font-awesome-rails (4.7.0.7)
      railties (>= 3.2, < 7)
    gitlab_omniauth-ldap (2.1.1)
      net-ldap (~> 0.16)
      omniauth (~> 1.3)
      pyu-ruby-sasl (>= 0.0.3.3, < 0.1)
      rubyntlm (~> 0.5)
    globalid (0.4.2)
      activesupport (>= 4.2.0)
    hashie (5.0.0)
    htmlentities (4.3.4)
    http_accept_language (2.1.1)
    i18n (0.9.5)
      concurrent-ruby (~> 1.0)
    i18n-js (3.8.4)
      i18n (>= 0.6.6)
    i18n_data (0.11.0)
    jbuilder (2.9.1)
      activesupport (>= 4.2.0)
    jwt (2.3.0)
    kramdown (2.3.1)
      rexml
    kramdown-parser-gfm (1.1.0)
      kramdown (~> 2.0)
    legacy-rails-CVE-2020-5267-patch (1.0.0)
      rails (< 5)
    loofah (2.12.0)
      crass (~> 1.0.2)
      nokogiri (>= 1.5.9)
    mail (2.7.1)
      mini_mime (>= 0.1.1)
    mini_mime (1.1.2)
    mini_portile2 (2.4.0)
    minitest (5.14.4)
    mongo (2.16.0)
      bson (>= 4.8.2, < 5.0.0)
    mongoid (5.4.1)
      activemodel (~> 4.0)
      mongo (>= 2.5.1, < 3.0.0)
      origin (~> 2.3)
      tzinfo (>= 0.3.37)
    mongoid-compatibility (0.5.1)
      activesupport
      mongoid (>= 2.0)
    mongoid-embedded-errors (2.1.1)
      mongoid (>= 3.0)
    mongoid-paranoia (2.0.0)
      activesupport (~> 4.0)
      mongoid (>= 4.0.0, <= 6.0.0)
    mongoid_delorean (1.3.0)
      mongoid
    mongoid_rails_migrations (1.2.1)
      activesupport (>= 4.2.0)
      bundler (>= 1.0.0)
      mongoid (>= 4.0.0)
      rails (>= 4.2.0)
      railties (>= 4.2.0)
    multi_json (1.15.0)
    multi_xml (0.6.0)
    multipart-post (2.1.1)
    net-ldap (0.17.0)
    nio4r (2.5.8)
    nokogiri (1.10.10)
      mini_portile2 (~> 2.4.0)
    oauth2 (1.4.7)
      faraday (>= 0.8, < 2.0)
      jwt (>= 1.0, < 3.0)
      multi_json (~> 1.3)
      multi_xml (~> 0.5)
      rack (>= 1.2, < 3)
    oj (3.13.9)
    omniauth (1.9.2)
      hashie (>= 3.4.6)
      rack (>= 1.6.2, < 3)
    omniauth-facebook (8.0.0)
      omniauth-oauth2 (~> 1.2)
    omniauth-github (1.4.0)
      omniauth (~> 1.5)
      omniauth-oauth2 (>= 1.4.0, < 2.0)
    omniauth-gitlab (2.0.0)
      omniauth (~> 1.0)
      omniauth-oauth2 (~> 1.0)
    omniauth-google-oauth2 (0.8.2)
      jwt (>= 2.0)
      oauth2 (~> 1.1)
      omniauth (~> 1.1)
      omniauth-oauth2 (>= 1.6)
    omniauth-oauth2 (1.7.1)
      oauth2 (~> 1.4)
      omniauth (>= 1.9, < 3)
    omniauth-rails_csrf_protection (0.1.2)
      actionpack (>= 4.2)
      omniauth (>= 1.3.1)
    origin (2.3.1)
    orm_adapter (0.5.0)
    parslet (2.0.0)
    popper_js (1.16.0)
    premailer (1.12.1)
      addressable
      css_parser (>= 1.6.0)
      htmlentities (>= 4.0.0)
    premailer-rails (1.11.1)
      actionmailer (>= 3)
      premailer (~> 1.7, >= 1.7.9)
    public_suffix (4.0.6)
    puma (5.5.2)
      nio4r (~> 2.0)
    pundit (2.1.1)
      activesupport (>= 3.0.0)
    pyu-ruby-sasl (0.0.3.3)
    rabl (0.14.5)
      activesupport (>= 2.3.14)
    rack (1.6.13)
    rack-proxy (0.6.5)
      rack
    rack-test (0.6.3)
      rack (>= 1.0)
    rack-timeout (0.6.0)
    rails (4.2.11.3)
      actionmailer (= 4.2.11.3)
      actionpack (= 4.2.11.3)
      actionview (= 4.2.11.3)
      activejob (= 4.2.11.3)
      activemodel (= 4.2.11.3)
      activerecord (= 4.2.11.3)
      activesupport (= 4.2.11.3)
      bundler (>= 1.3.0, < 2.0)
      railties (= 4.2.11.3)
      sprockets-rails
    rails-deprecated_sanitizer (1.0.4)
      activesupport (>= 4.2.0.alpha)
    rails-dom-testing (1.0.9)
      activesupport (>= 4.2.0, < 5.0)
      nokogiri (~> 1.6)
      rails-deprecated_sanitizer (>= 1.0.1)
    rails-html-sanitizer (1.4.2)
      loofah (~> 2.3)
    railties (4.2.11.3)
      actionpack (= 4.2.11.3)
      activesupport (= 4.2.11.3)
      rake (>= 0.8.7)
      thor (>= 0.18.1, < 2.0)
    rainbow (3.0.0)
    rake (13.0.6)
    request_store (1.5.0)
      rack (>= 1.4)
    responders (2.4.1)
      actionpack (>= 4.2.0, < 6.0)
      railties (>= 4.2.0, < 6.0)
    rexml (3.2.5)
    rollbar (3.2.0)
    ruby2_keywords (0.0.5)
    rubyntlm (0.6.3)
    safe_yaml (1.0.5)
    sass-rails (6.0.0)
      sassc-rails (~> 2.1, >= 2.1.1)
    sassc (2.4.0)
      ffi (~> 1.9)
    sassc-rails (2.1.2)
      railties (>= 4.0.0)
      sassc (>= 2.0)
      sprockets (> 3.0)
      sprockets-rails
      tilt
    simple_form (3.5.1)
      actionpack (> 4, < 5.2)
      activemodel (> 4, < 5.2)
    sixarm_ruby_unaccent (1.2.0)
    sprockets (3.7.2)
      concurrent-ruby (~> 1.0)
      rack (> 1, < 3)
    sprockets-rails (3.2.2)
      actionpack (>= 4.0)
      activesupport (>= 4.0)
      sprockets (>= 3.0.0)
    thor (1.1.0)
    thread_safe (0.3.6)
    tilt (2.0.10)
    tzinfo (1.2.9)
      thread_safe (~> 0.1)
    unicode_utils (1.4.0)
    warden (1.2.7)
      rack (>= 1.0)

PLATFORMS
  ruby

DEPENDENCIES
  active_attr (~> 0.15.0)
  addressable (~> 2.8.0)
  awesome_print (~> 1.8)
  bootstrap (~> 4.5.0)
  brakeman
  bundler-audit
  countries (~> 3.1.0)
  csv_builder (~> 2.1.1)
  daemons (~> 1.4.0)
  delayed_job_mongoid (~> 2.3.0)
  devise (~> 4.8.0)
  devise-i18n (~> 1.10.0)
  elasticsearch (~> 7.13.3)
  font-awesome-rails (~> 4.7)
  gitlab_omniauth-ldap (~> 2.1.0)
  http_accept_language (~> 2.1.1)
  i18n-js (~> 3.8.0)
  jbuilder (~> 2.9)
  kramdown (~> 2.3.1)
  kramdown-parser-gfm (~> 1.1.0)
  legacy-rails-CVE-2020-5267-patch
  lucene_query_parser!
  mongoid (~> 5.4)
  mongoid-embedded-errors (~> 2.1.1)
  mongoid-paranoia (~> 2.0.0)
  mongoid_delorean (~> 1.3.0)
  mongoid_rails_migrations (~> 1.2.1)
  mongoid_store!
  multi_json (~> 1.15.0)
  nokogiri (~> 1.10)
  oj (~> 3.10)
  omniauth (~> 1.9.2)
  omniauth-cas (~> 1.1.0)!
  omniauth-facebook (~> 8.0.0)
  omniauth-github (~> 1.4.0)
  omniauth-gitlab (~> 2.0.0)
  omniauth-google-oauth2 (~> 0.8.0)
  omniauth-rails_csrf_protection (~> 0.1.1)
  premailer-rails (~> 1.11.0)
  public_suffix (~> 4.0.1)
  puma (~> 5.0)
  pundit (~> 2.1.0)
  rabl (~> 0.14.0)
  rack-proxy (~> 0.6.4)
  rack-timeout (~> 0.6.0)
  rails (~> 4.2.11, >= 4.2.11.1)
  rails_stdout_logging!
  request_store (~> 1.5.0)
  rollbar (~> 3.0)
  safe_yaml (~> 1.0.4)
  sass-rails (~> 6.0.0)
  simple_form (~> 3.5, >= 3.5.1)
  sprockets (< 4)

RUBY VERSION
   ruby 2.4.10p364

BUNDLED WITH
   1.17.3
