GEM
  remote: https://rubygems.org/
  specs:
    activesupport (5.2.4.3)
      concurrent-ruby (~> 1.0, >= 1.0.2)
      i18n (>= 0.7, < 2)
      minitest (~> 5.1)
      tzinfo (~> 1.1)
    addressable (2.7.0)
      public_suffix (>= 2.0.2, < 5.0)
    autoprefixer-rails (9.7.6)
      execjs
    backports (3.17.2)
    bootstrap-sass (3.4.1)
      autoprefixer-rails (>= 5.2.1)
      sassc (>= 2.0.0)
    coffee-script (2.4.1)
      coffee-script-source
      execjs
    coffee-script-source (1.12.2)
    concurrent-ruby (1.1.6)
    contracts (0.13.0)
    dotenv (2.7.5)
    erubis (2.7.0)
    execjs (2.7.0)
    fast_blank (1.0.0)
    fastimage (2.1.7)
    ffi (1.13.1)
    ffi (1.13.1-java)
    font-awesome-sass (4.7.0)
      sass (>= 3.2)
    haml (5.1.2)
      temple (>= 0.8.0)
      tilt
    hamster (3.0.0)
      concurrent-ruby (~> 1.0)
    hashie (3.6.0)
    i18n (0.9.5)
      concurrent-ruby (~> 1.0)
    kramdown (1.17.0)
    libv8 (7.3.492.27.1)
    listen (3.0.8)
      rb-fsevent (~> 0.9, >= 0.9.4)
      rb-inotify (~> 0.9, >= 0.9.7)
    memoist (0.16.2)
    middleman (4.3.7)
      coffee-script (~> 2.2)
      haml (>= 4.0.5)
      kramdown (~> 1.2)
      middleman-cli (= 4.3.7)
      middleman-core (= 4.3.7)
    middleman-cli (4.3.7)
      thor (>= 0.17.0, < 2.0)
    middleman-core (4.3.7)
      activesupport (>= 4.2, < 6.0)
      addressable (~> 2.3)
      backports (~> 3.6)
      bundler
      contracts (~> 0.13.0)
      dotenv
      erubis
      execjs (~> 2.0)
      fast_blank
      fastimage (~> 2.0)
      hamster (~> 3.0)
      hashie (~> 3.4)
      i18n (~> 0.9.0)
      listen (~> 3.0.0)
      memoist (~> 0.14)
      padrino-helpers (~> 0.13.0)
      parallel
      rack (>= 1.4.5, < 3)
      sassc (~> 2.0)
      servolux
      tilt (~> 2.0.9)
      uglifier (~> 3.0)
    middleman-gh-pages (0.4.1)
      rake (> 0.9.3)
    middleman-sprockets (4.1.1)
      middleman-core (~> 4.0)
      sprockets (>= 3.0)
    mini_racer (0.2.14)
      libv8 (> 7.3)
    minitest (5.14.1)
    padrino-helpers (0.13.3.4)
      i18n (~> 0.6, >= 0.6.7)
      padrino-support (= 0.13.3.4)
      tilt (>= 1.4.1, < 3)
    padrino-support (0.13.3.4)
      activesupport (>= 3.1)
    parallel (1.19.1)
    public_suffix (4.0.5)
    rack (2.2.3)
    rake (13.0.1)
    rb-fsevent (0.10.4)
    rb-inotify (0.10.1)
      ffi (~> 1.0)
    sass (3.7.4)
      sass-listen (~> 4.0.0)
    sass-listen (4.0.0)
      rb-fsevent (~> 0.9, >= 0.9.4)
      rb-inotify (~> 0.9, >= 0.9.7)
    sassc (2.4.0)
      ffi (~> 1.9)
    servolux (0.13.0)
    sprockets (3.7.2)
      concurrent-ruby (~> 1.0)
      rack (> 1, < 3)
    temple (0.8.2)
    thor (1.0.1)
    thread_safe (0.3.6)
    thread_safe (0.3.6-java)
    tilt (2.0.10)
    tzinfo (1.2.7)
      thread_safe (~> 0.1)
    uglifier (3.2.0)
      execjs (>= 0.3.0, < 3)

PLATFORMS
  java
  ruby

DEPENDENCIES
  bootstrap-sass (~> 3.4.1)
  font-awesome-sass (~> 4.7.0)
  middleman (~> 4.3.3)
  middleman-gh-pages (~> 0.4.1)
  middleman-sprockets (~> 4.1.0)
  mini_racer (~> 0.2.4)

BUNDLED WITH
   1.17.3
